GEM
  remote: https://rubygems.org/
  specs:
    execjs (2.7.0)
    libv8 (3.16.14.7)
    ref (1.0.5)
    sass (3.4.11)
    therubyracer (0.12.1)
      libv8 (~> 3.16.14.0)
      ref
    uglifier (4.2.0)
      execjs (>= 0.3.0, < 3)

PLATFORMS
  ruby

DEPENDENCIES
  sass
  therubyracer
  uglifier (>= 2.7.0)

BUNDLED WITH
   1.17.3
